GEM
  remote: http://rubygems.org/
  specs:
    aquarium (0.5.1)
    nokogiri (1.5.6)

PLATFORMS
  ruby

DEPENDENCIES
  aquarium
  nokogiri
